GEM
  remote: https://rubygems.org/
  specs:
    abstract (1.0.0)
    actionmailer (0.6.1)
      actionpack (>= 0.9.5)
    actionpack (3.0.20)
      activemodel (= 3.0.20)
      activesupport (= 3.0.20)
      builder (~> 2.1.2)
      erubis (~> 2.6.6)
      i18n (~> 0.5.0)
      rack (~> 1.2.5)
      rack-mount (~> 0.6.14)
      rack-test (~> 0.5.7)
      tzinfo (~> 0.3.23)
    activemodel (3.0.20)
      activesupport (= 3.0.20)
      builder (~> 2.1.2)
      i18n (~> 0.5.0)
    activerecord (3.0.20)
      activemodel (= 3.0.20)
      activesupport (= 3.0.20)
      arel (~> 2.0.10)
      tzinfo (~> 0.3.23)
    activesupport (3.0.20)
    addressable (2.3.5)
    arel (2.0.10)
    bcrypt-ruby (2.1.4)
    builder (2.1.2)
    cancan (1.6.10)
    capybara (2.1.0)
      mime-types (>= 1.16)
      nokogiri (>= 1.3.3)
      rack (>= 1.0.0)
      rack-test (>= 0.5.4)
      xpath (~> 2.0)
    css_parser (1.2.6)
      addressable
      rdoc
    cucumber (1.3.5)
      builder (>= 2.1.2)
      diff-lcs (>= 1.1.3)
      gherkin (~> 2.12.0)
      multi_json (~> 1.7.5)
      multi_test (>= 0.0.2)
    cucumber-rails (0.5.2)
      capybara (>= 1.0.0.rc1)
      cucumber (>= 0.10.5)
      nokogiri (>= 1.4.4)
      rack-test (>= 0.5.7)
    curb (0.7.18)
    database_cleaner (1.1.1)
    deadweight (0.2.2)
      css_parser (~> 1.2.6)
      nokogiri
    devise (1.1.9)
      bcrypt-ruby (~> 2.1.2)
      warden (~> 1.0.2)
    devise_invitable (0.3.7)
      devise (~> 1.1.0)
    diff-lcs (1.2.4)
    domain_name (0.5.12)
      unf (>= 0.0.5, < 1.0.0)
    email_spec (1.5.0)
      launchy (~> 2.1)
      mail (~> 2.2)
    erubis (2.6.6)
      abstract (>= 1.0.0)
    excon (0.25.3)
    factory_girl (4.2.0)
      activesupport (>= 3.0.0)
    factory_girl_rails (4.2.1)
      factory_girl (~> 4.2.0)
      railties (>= 3.0.0)
    feedzirra (0.1.1)
      activesupport (>= 3.0.8)
      builder (~> 2.1.2)
      curb (~> 0.7.15)
      i18n (>= 0.5.0)
      loofah (~> 1.2.0)
      nokogiri (~> 1.4.4)
      rake (>= 0.9.2)
      rdoc (~> 3.8)
      sax-machine (~> 0.1.0)
    fraction (0.3.2)
    fuubar-cucumber (0.0.20)
      cucumber (~> 1.3.0)
      ruby-progressbar (~> 1.0.0)
    gherkin (2.12.0)
      multi_json (~> 1.3)
    haml (4.0.3)
      tilt
    heroku-api (0.3.14)
      excon (~> 0.25.1)
    heroku_san (4.3.0)
      heroku-api (>= 0.1.2)
      rake
    hoe (3.7.0)
      rake (>= 0.8, < 11.0)
    hpricot (0.8.6)
    http-cookie (1.0.1)
      domain_name (~> 0.5)
    i18n (0.5.0)
    jquery-rails (3.0.4)
      railties (>= 3.0, < 5.0)
      thor (>= 0.14, < 2.0)
    json (1.8.0)
    launchy (2.3.0)
      addressable (~> 2.3)
    loofah (1.2.1)
      nokogiri (>= 1.4.4)
    mail (2.5.4)
      mime-types (~> 1.16)
      treetop (~> 1.4.8)
    mechanize (2.7.1)
      domain_name (~> 0.5, >= 0.5.1)
      http-cookie (~> 1.0.0)
      mime-types (~> 1.17, >= 1.17.2)
      net-http-digest_auth (~> 1.1, >= 1.1.1)
      net-http-persistent (~> 2.5, >= 2.5.2)
      nokogiri (~> 1.4)
      ntlm-http (~> 0.1, >= 0.1.1)
      webrobots (>= 0.0.9, < 0.2)
    meta_where (1.0.4)
      activerecord (~> 3.0.0)
      activesupport (~> 3.0.0)
      arel (~> 2.0.7)
    mime-types (1.23)
    multi_json (1.7.8)
    multi_test (0.0.2)
    net-http-digest_auth (1.4)
    net-http-persistent (2.9)
    nokogiri (1.4.7)
    ntlm-http (0.1.1)
    pg (0.16.0)
    polyglot (0.3.3)
    rack (1.2.8)
    rack-mount (0.6.14)
      rack (>= 1.0.0)
    rack-test (0.5.7)
      rack (>= 1.0)
    rails (0.9.5)
      actionmailer (>= 0.6.1)
      actionpack (>= 1.4.0)
      activerecord (>= 1.6.0)
      rake (>= 0.4.15)
    railties (3.0.20)
      actionpack (= 3.0.20)
      activesupport (= 3.0.20)
      rake (>= 0.8.7)
      rdoc (~> 3.4)
      thor (~> 0.14.4)
    rake (10.1.0)
    rdiscount (2.1.6)
    rdoc (3.12.2)
      json (~> 1.4)
    rspec-core (2.13.1)
    rspec-expectations (2.13.0)
      diff-lcs (>= 1.1.3, < 2.0)
    rspec-mocks (2.13.1)
    rspec-rails (2.13.1)
      actionpack (>= 3.0)
      activesupport (>= 3.0)
      railties (>= 3.0)
      rspec-core (~> 2.13.0)
      rspec-expectations (~> 2.13.0)
      rspec-mocks (~> 2.13.0)
    ruby-progressbar (1.0.2)
    ruby_parser (3.2.2)
      sexp_processor (~> 4.1)
    sax-machine (0.1.0)
      nokogiri (> 0.0.0)
    sexp_processor (4.2.1)
    simple_autocomplete (0.3.8)
    test-unit (1.2.3)
      hoe (>= 1.5.1)
    thor (0.14.6)
    tilt (1.4.1)
    treetop (1.4.14)
      polyglot
      polyglot (>= 0.3.1)
    tzinfo (0.3.37)
    unf (0.1.1)
      unf_ext
    unf_ext (0.0.6)
    warden (1.0.6)
      rack (>= 1.0)
    webrat (0.7.3)
      nokogiri (>= 1.2.0)
      rack (>= 1.0)
      rack-test (>= 0.5.3)
    webrobots (0.1.1)
    xpath (2.0.0)
      nokogiri (~> 1.3)

PLATFORMS
  ruby

DEPENDENCIES
  cancan
  capybara
  cucumber-rails
  database_cleaner
  deadweight
  devise
  devise_invitable
  email_spec
  factory_girl_rails
  feedzirra
  fraction
  fuubar-cucumber
  haml
  heroku_san
  hpricot
  jquery-rails
  mechanize
  meta_where
  pg
  rails
  rdiscount
  rspec-rails (~> 2.4)
  ruby_parser
  simple_autocomplete
  test-unit (= 1.2.3)
  treetop
  webrat
